GIT
  remote: https://github.com/reproio/ecs_deploy.git
  revision: 4c546c4e5b81d121c69d4996b5fdc70987547145
  specs:
    ecs_deploy (1.0.4)
      aws-sdk-autoscaling (~> 1)
      aws-sdk-cloudwatch (~> 1)
      aws-sdk-cloudwatchevents (~> 1)
      aws-sdk-ec2 (~> 1)
      aws-sdk-ecs (~> 1)
      aws-sdk-sqs (~> 1)
      paint
      terminal-table

GEM
  remote: https://rubygems.org/
  specs:
    airbrussh (1.5.0)
      sshkit (>= 1.6.1, != 1.7.0)
    aws-eventstream (1.2.0)
    aws-partitions (1.716.0)
    aws-sdk-autoscaling (1.86.0)
      aws-sdk-core (~> 3, >= 3.165.0)
      aws-sigv4 (~> 1.1)
    aws-sdk-cloudwatch (1.71.0)
      aws-sdk-core (~> 3, >= 3.165.0)
      aws-sigv4 (~> 1.1)
    aws-sdk-cloudwatchevents (1.59.0)
      aws-sdk-core (~> 3, >= 3.165.0)
      aws-sigv4 (~> 1.1)
    aws-sdk-core (3.170.0)
      aws-eventstream (~> 1, >= 1.0.2)
      aws-partitions (~> 1, >= 1.651.0)
      aws-sigv4 (~> 1.5)
      jmespath (~> 1, >= 1.6.1)
    aws-sdk-ec2 (1.366.0)
      aws-sdk-core (~> 3, >= 3.165.0)
      aws-sigv4 (~> 1.1)
    aws-sdk-ecs (1.111.0)
      aws-sdk-core (~> 3, >= 3.165.0)
      aws-sigv4 (~> 1.1)
    aws-sdk-sqs (1.53.0)
      aws-sdk-core (~> 3, >= 3.165.0)
      aws-sigv4 (~> 1.1)
    aws-sigv4 (1.5.2)
      aws-eventstream (~> 1, >= 1.0.2)
    bcrypt_pbkdf (1.1.0)
    capistrano (3.17.3)
      airbrussh (>= 1.0.0)
      i18n
      rake (>= 10.0.0)
      sshkit (>= 1.9.0)
    capistrano-dockerbuild (0.2.0)
      capistrano (>= 3.2)
    concurrent-ruby (1.2.2)
    ed25519 (1.3.0)
    i18n (1.14.1)
      concurrent-ruby (~> 1.0)
    jmespath (1.6.2)
    mini_portile2 (2.8.4)
    net-scp (4.0.0)
      net-ssh (>= 2.6.5, < 8.0.0)
    net-ssh (7.2.0)
    nokogiri (1.15.4)
      mini_portile2 (~> 2.8.2)
      racc (~> 1.4)
    paint (2.3.0)
    racc (1.7.1)
    rake (13.0.6)
    sshkit (1.21.5)
      net-scp (>= 1.1.2)
      net-ssh (>= 2.8.0)
    terminal-table (3.0.2)
      unicode-display_width (>= 1.1.1, < 3)
    unicode-display_width (2.4.2)

PLATFORMS
  ruby

DEPENDENCIES
  bcrypt_pbkdf
  capistrano
  capistrano-dockerbuild
  ecs_deploy!
  ed25519
  nokogiri

BUNDLED WITH
   2.4.1
